GEM
  remote: https://rubygems.org/
  specs:
    cinch (2.2.6)

PLATFORMS
  ruby

DEPENDENCIES
  cinch

BUNDLED WITH
   1.10.6
